GEM
  remote: https://rubygems.org/
  specs:
    minitest (5.20.0)

PLATFORMS
  arm64-darwin-23
  x86_64-darwin-23
  x86_64-linux

DEPENDENCIES
  minitest

RUBY VERSION
   ruby 3.0.6p216

BUNDLED WITH
   2.2.33
