GEM
  remote: https://rubygems.org/
  specs:
    minitest (5.20.0)

PLATFORMS
  x86_64-darwin-23

DEPENDENCIES
  minitest

RUBY VERSION
   ruby 3.0.6p216

BUNDLED WITH
   2.2.33
